GEM
  remote: https://rubygems.org/
  specs:
    gnuplot (2.6.2)
    gnuplot-multiplot (0.0.1)
      gnuplot (~> 2.6.2)
    matrix (0.4.2)

PLATFORMS
  aarch64-linux
  arm64-darwin-21
  x86_64-linux

DEPENDENCIES
  gnuplot
  gnuplot-multiplot (~> 0.0.1)
  matrix (~> 0.4.2)

BUNDLED WITH
   2.3.13
